GEM
  remote: https://rubygems.org/
  specs:
    byebug (11.1.3)
    sqlite3 (1.6.6-x86_64-darwin)

PLATFORMS
  x86_64-darwin-21

DEPENDENCIES
  byebug
  sqlite3

BUNDLED WITH
   2.4.18
